GEM
  remote: https://rubygems.org/
  specs:
    backports (3.6.4)
    dotenv (1.0.2)
    foreman (0.77.0)
      dotenv (~> 1.0.2)
      thor (~> 0.19.1)
    json (1.8.2)
    multi_json (1.10.1)
    rack (1.6.0)
    rack-protection (1.5.3)
      rack
    rack-test (0.6.3)
      rack (>= 1.0)
    rake (10.4.2)
    sass (3.4.10)
    sinatra (1.4.5)
      rack (~> 1.4)
      rack-protection (~> 1.4)
      tilt (~> 1.3, >= 1.3.4)
    sinatra-contrib (1.4.2)
      backports (>= 2.0)
      multi_json
      rack-protection
      rack-test
      sinatra (~> 1.4.0)
      tilt (~> 1.3)
    thor (0.19.1)
    tilt (1.4.1)

PLATFORMS
  ruby

DEPENDENCIES
  foreman (= 0.77.0)
  json (= 1.8.2)
  rake (= 10.4.2)
  sass (= 3.4.10)
  sinatra (= 1.4.5)
  sinatra-contrib (= 1.4.2)
